PATH
  remote: .
  specs:
    timepiece (0.0.4)

GEM
  remote: https://rubygems.org/
  specs:

PLATFORMS
  x86-mingw32

DEPENDENCIES
  timepiece!
